GEM
  remote: https://rubygems.org/
  specs:
    faraday (0.9.0)
      multipart-post (>= 1.2, < 3)
    multipart-post (2.0.0)
    nio4r (2.5.8)
    puma (4.3.12)
      nio4r (~> 2.0)

PLATFORMS
  ruby

DEPENDENCIES
  faraday
  puma
