GEM
  remote: https://rubygems.org/
  specs:
    faraday (0.9.0)
      multipart-post (>= 1.2, < 3)
    multipart-post (2.0.0)
    puma (2.7.1)
      rack (>= 1.1, < 2.0)
    rack (1.6.13)

PLATFORMS
  ruby

DEPENDENCIES
  faraday
  puma
